PATH
  remote: .
  specs:
    tetra (2.0.5)
      clamp
      json_pure
      open4
      rubyzip (>= 1.0)
      text

GEM
  remote: https://rubygems.org/
  specs:
    aruba (0.6.2)
      childprocess (>= 0.3.6)
      cucumber (>= 1.1.1)
      rspec-expectations (>= 2.7.0)
    builder (3.2.2)
    childprocess (0.5.6)
      ffi (~> 1.0, >= 1.0.11)
    clamp (1.3.1)
    cucumber (2.0.0)
      builder (>= 2.1.2)
      cucumber-core (~> 1.1.3)
      diff-lcs (>= 1.1.3)
      gherkin (~> 2.12)
      multi_json (>= 1.7.5, < 2.0)
      multi_test (>= 0.1.2)
    cucumber-core (1.1.3)
      gherkin (~> 2.12.0)
    diff-lcs (1.5.0)
    ffi (1.12.2)
    gherkin (2.12.2)
      multi_json (~> 1.3)
    json_pure (2.2.0)
    multi_json (1.11.0)
    multi_test (0.1.2)
    open4 (1.3.4)
    rake (13.0.1)
    rspec (3.11.0)
      rspec-core (~> 3.11.0)
      rspec-expectations (~> 3.11.0)
      rspec-mocks (~> 3.11.0)
    rspec-core (3.11.0)
      rspec-support (~> 3.11.0)
    rspec-expectations (3.11.0)
      diff-lcs (>= 1.2.0, < 2.0)
      rspec-support (~> 3.11.0)
    rspec-mocks (3.11.1)
      diff-lcs (>= 1.2.0, < 2.0)
      rspec-support (~> 3.11.0)
    rspec-support (3.11.0)
    rubyzip (2.2.0)
    text (1.3.1)

PLATFORMS
  ruby

DEPENDENCIES
  aruba
  rake
  rspec
  tetra!

BUNDLED WITH
   1.16.1
