PATH
  remote: .
  specs:
    tetra (2.0.6)
      clamp (~> 1.3.2)
      erb (~> 4.0.3)
      json_pure (>= 2.6.3, < 2.8.0)
      open4 (~> 1.3.4)
      rexml (>= 3.2.9, < 3.4.0)
      rubyzip (~> 2.3.2)
      text (~> 1.3.1)

GEM
  remote: https://rubygems.org/
  specs:
    aruba (0.6.2)
      childprocess (>= 0.3.6)
      cucumber (>= 1.1.1)
      rspec-expectations (>= 2.7.0)
    ast (2.4.2)
    bigdecimal (3.1.8)
    builder (3.3.0)
    cgi (0.4.1)
    childprocess (5.0.0)
    clamp (1.3.2)
    cucumber (9.2.0)
      builder (~> 3.2)
      cucumber-ci-environment (> 9, < 11)
      cucumber-core (> 13, < 14)
      cucumber-cucumber-expressions (~> 17.0)
      cucumber-gherkin (> 24, < 28)
      cucumber-html-formatter (> 20.3, < 22)
      cucumber-messages (> 19, < 25)
      diff-lcs (~> 1.5)
      mini_mime (~> 1.1)
      multi_test (~> 1.1)
      sys-uname (~> 1.2)
    cucumber-ci-environment (10.0.1)
    cucumber-core (13.0.2)
      cucumber-gherkin (>= 27, < 28)
      cucumber-messages (>= 20, < 23)
      cucumber-tag-expressions (> 5, < 7)
    cucumber-cucumber-expressions (17.1.0)
      bigdecimal
    cucumber-gherkin (27.0.0)
      cucumber-messages (>= 19.1.4, < 23)
    cucumber-html-formatter (21.3.1)
      cucumber-messages (> 19, < 25)
    cucumber-messages (22.0.0)
    cucumber-tag-expressions (6.1.0)
    diff-lcs (1.5.1)
    docile (1.4.0)
    erb (4.0.4)
      cgi (>= 0.3.3)
    ffi (1.16.3)
    json (2.7.2)
    json_pure (2.7.2)
    language_server-protocol (3.17.0.3)
    mini_mime (1.1.5)
    multi_test (1.1.0)
    open4 (1.3.4)
    parallel (1.26.3)
    parser (3.3.4.2)
      ast (~> 2.4.1)
      racc
    racc (1.8.1)
    rainbow (3.1.1)
    rake (13.2.1)
    regexp_parser (2.9.2)
    rexml (3.3.6)
      strscan
    rspec (3.13.0)
      rspec-core (~> 3.13.0)
      rspec-expectations (~> 3.13.0)
      rspec-mocks (~> 3.13.0)
    rspec-core (3.13.0)
      rspec-support (~> 3.13.0)
    rspec-expectations (3.13.0)
      diff-lcs (>= 1.2.0, < 2.0)
      rspec-support (~> 3.13.0)
    rspec-mocks (3.13.1)
      diff-lcs (>= 1.2.0, < 2.0)
      rspec-support (~> 3.13.0)
    rspec-support (3.13.1)
    rubocop (1.66.0)
      json (~> 2.3)
      language_server-protocol (>= 3.17.0)
      parallel (~> 1.10)
      parser (>= 3.3.0.2)
      rainbow (>= 2.2.2, < 4.0)
      regexp_parser (>= 2.4, < 3.0)
      rubocop-ast (>= 1.32.1, < 2.0)
      ruby-progressbar (~> 1.7)
      unicode-display_width (>= 2.4.0, < 3.0)
    rubocop-ast (1.32.1)
      parser (>= 3.3.1.0)
    ruby-progressbar (1.13.0)
    rubyzip (2.3.2)
    simplecov (0.22.0)
      docile (~> 1.1)
      simplecov-html (~> 0.11)
      simplecov_json_formatter (~> 0.1)
    simplecov-html (0.12.3)
    simplecov_json_formatter (0.1.4)
    strscan (3.1.0)
    sys-uname (1.3.0)
      ffi (~> 1.1)
    text (1.3.1)
    unicode-display_width (2.5.0)

PLATFORMS
  ruby
  x86_64-linux-gnu

DEPENDENCIES
  aruba (~> 0.6.2)
  rake (~> 13.2.0)
  rspec (~> 3.13.0)
  rubocop (~> 1.66.0)
  simplecov (~> 0.22.0)
  tetra!

BUNDLED WITH
   2.4.22
